PATH
  remote: .
  specs:
    dmy_tt_gem1 (0.1.0)

GEM
  remote: https://rubygems.org/
  specs:
    rake (13.0.1)

PLATFORMS
  ruby

DEPENDENCIES
  bundler (~> 1.17)
  dmy_tt_gem1!
  rake (~> 13.0)

BUNDLED WITH
   1.17.3
